GEM
  specs:
    trollop (2.0)

PLATFORMS
  ruby

DEPENDENCIES
  trollop
