GEM
  specs:
    clamp (0.5.0)

PLATFORMS
  ruby

DEPENDENCIES
  clamp
